GEM
  remote: https://rubygems.org/
  specs:
    sequel (4.12.0)
    sqlite3 (1.3.9)

PLATFORMS
  ruby

DEPENDENCIES
  sequel
  sqlite3
